GEM
  remote: http://rubygems.org/
  specs:
    rake (0.9.2)
    rcov (0.9.10)
    rspec (1.3.2)

PLATFORMS
  ruby

DEPENDENCIES
  rake
  rcov
  rspec (~> 1.3.0)
